PATH
  remote: .
  specs:
    ProMotion-formotion (0.0.1)
      ProMotion (~> 0.4.1)
      formotion (~> 1.1.4)

GEM
  remote: http://rubygems.org/
  specs:
    ProMotion (0.4.1)
    bubble-wrap (1.1.5)
    formotion (1.1.5)
      bubble-wrap (>= 1.1.4)

PLATFORMS
  ruby

DEPENDENCIES
  ProMotion-formotion!
